GEM
  remote: http://rubygems.org/
  specs:
    contest (0.1.2)
    fakeweb (1.3.0)
    git (1.2.5)
    jeweler (1.5.2)
      bundler (~> 1.0.0)
      git (>= 1.2.5)
      rake
    nokogiri (1.4.4)
    rake (0.8.7)
    redgreen (1.2.2)

PLATFORMS
  ruby

DEPENDENCIES
  contest
  fakeweb
  jeweler
  nokogiri
  rake
  redgreen
